GEM
  remote: https://rubygems.org/
  specs:
    activesupport (6.0.3.4)
      concurrent-ruby (~> 1.0, >= 1.0.2)
      i18n (>= 0.7, < 2)
      minitest (~> 5.1)
      tzinfo (~> 1.1)
      zeitwerk (~> 2.2, >= 2.2.2)
    byebug (11.1.3)
    coderay (1.1.3)
    concurrent-ruby (1.1.7)
    i18n (1.8.5)
      concurrent-ruby (~> 1.0)
    method_source (1.0.0)
    minitest (5.14.2)
    mustermann (1.1.1)
      ruby2_keywords (~> 0.0.1)
    pry (0.13.1)
      coderay (~> 1.1)
      method_source (~> 1.0)
    pry-byebug (3.9.0)
      byebug (~> 11.0)
      pry (~> 0.13.0)
    rack (2.2.3)
    rack-protection (2.1.0)
      rack
    ruby2_keywords (0.0.2)
    sinatra (2.1.0)
      mustermann (~> 1.0)
      rack (~> 2.2)
      rack-protection (= 2.1.0)
      tilt (~> 2.0)
    sinatra-cors (1.2.0)
    thread_safe (0.3.6)
    tilt (2.0.10)
    tzinfo (1.2.8)
      thread_safe (~> 0.1)
    zeitwerk (2.4.1)

PLATFORMS
  ruby

DEPENDENCIES
  activesupport
  pry-byebug
  sinatra
  sinatra-cors

BUNDLED WITH
   2.1.4
